GEM
  remote: https://rubygems.org/
  specs:
    erubis (2.7.0)
    multi_json (1.13.1)
    rack (2.0.8)
    sqlite3 (1.4.1)
    wings-framework (0.1.1)
      erubis (~> 2.7)
      multi_json (~> 1.11)
      rack (>= 1.6.4)
      sqlite3 (~> 1.3)

PLATFORMS
  ruby

DEPENDENCIES
  wings-framework

BUNDLED WITH
   2.0.2
