GEM
  remote: https://rubygems.org/
  specs:
    coderay (1.1.2)
    erubis (2.7.0)
    method_source (0.9.2)
    multi_json (1.13.1)
    pry (0.12.2)
      coderay (~> 1.1.0)
      method_source (~> 0.9.0)
    rack (2.0.7)
    sqlite3 (1.4.1)
    wings-framework (0.1.1)
      erubis (~> 2.7)
      multi_json (~> 1.11)
      rack (>= 1.6.4)
      sqlite3 (~> 1.3)

PLATFORMS
  ruby

DEPENDENCIES
  pry
  wings-framework

BUNDLED WITH
   2.0.2
