GEM
  remote: https://rubygems.org/
  specs:
    rack (2.0.7)
    wings (0.0.1)
      rack

PLATFORMS
  ruby

DEPENDENCIES
  wings

BUNDLED WITH
   2.0.2
